GIT
  remote: https://github.com/roobert/sensu-plugins-loki.git
  revision: d12db47624b463b6f6e902efc089e4e9467661a2
  ref: 0.0.9
  specs:
    sensu-plugins-loki (0.0.6)
      sensu-plugin (~> 4.0)

GEM
  remote: https://rubygems.org/
  specs:
    json (2.3.0)
    mixlib-cli (1.7.0)
    sensu-plugin (4.0.0)
      json (< 3.0.0)
      mixlib-cli (~> 1.5)

PLATFORMS
  ruby

DEPENDENCIES
  sensu-plugins-loki!

BUNDLED WITH
   2.1.4
